PATH
  remote: .
  specs:
    janky (0.9.11)
      activerecord (~> 3.1.0)
      broach (~> 0.2)
      mustache (~> 0.11)
      rake (~> 0.9.2)
      replicate (~> 1.4)
      sinatra (~> 1.3)
      sinatra_auth_github (~> 0.3.1)
      yajl-ruby (~> 1.1.0)

GEM
  remote: http://rubygems.org/
  specs:
    activemodel (3.1.4)
      activesupport (= 3.1.4)
      builder (~> 3.0.0)
      i18n (~> 0.6)
    activerecord (3.1.4)
      activemodel (= 3.1.4)
      activesupport (= 3.1.4)
      arel (~> 2.2.3)
      tzinfo (~> 0.3.29)
    activesupport (3.1.4)
      multi_json (~> 1.0)
    addressable (2.2.7)
    arel (2.2.3)
    broach (0.2.1)
      json (~> 1.4)
      nap (~> 0.3)
    builder (3.0.0)
    daemons (1.1.8)
    database_cleaner (0.7.2)
    eventmachine (0.12.10)
    faraday (0.7.6)
      addressable (~> 2.2)
      multipart-post (~> 1.1)
      rack (~> 1.1)
    hipchat (0.4.1)
      httparty
    httparty (0.8.2)
      multi_json
      multi_xml
    i18n (0.6.0)
    json (1.6.6)
    mime-types (1.18)
    multi_json (1.3.2)
    multi_xml (0.4.4)
    multipart-post (1.1.5)
    mustache (0.99.4)
    mysql2 (0.3.11)
    nap (0.5.1)
    oauth2 (0.5.2)
      faraday (~> 0.7)
      multi_json (~> 1.0)
    pg (0.13.2)
    rack (1.4.1)
    rack-protection (1.2.0)
      rack
    rake (0.9.2.2)
    replicate (1.4)
    rest-client (1.6.7)
      mime-types (>= 1.16)
    shotgun (0.9)
      rack (>= 1.0)
    sinatra (1.3.2)
      rack (~> 1.3, >= 1.3.6)
      rack-protection (~> 1.2)
      tilt (~> 1.3, >= 1.3.3)
    sinatra_auth_github (0.3.1)
      rest-client (~> 1.6.1)
      sinatra (~> 1.0)
      warden-github (~> 0.3.0)
      yajl-ruby (~> 1.1)
    thin (1.3.1)
      daemons (>= 1.0.9)
      eventmachine (>= 0.12.6)
      rack (>= 1.0.0)
    tilt (1.3.3)
    tzinfo (0.3.33)
    warden (1.1.1)
      rack (>= 1.0)
    warden-github (0.3.1)
      json (~> 1.5)
      oauth2 (~> 0.5.2)
      warden (~> 1.0)
    yajl-ruby (1.1.0)

PLATFORMS
  ruby

DEPENDENCIES
  database_cleaner (~> 0.6)
  hipchat
  janky!
  mysql2 (~> 0.3.0)
  pg
  shotgun (~> 0.9)
  thin
